GIT
  remote: git://github.com/britg/sinatra-cross_origin.git
  revision: 2a66ffbc91a0e69d6c29d14dbaf92091542e3781
  branch: master
  specs:
    sinatra-cross_origin (0.3.2)

GEM
  remote: https://rubygems.org/
  specs:
    awesome_print (1.6.1)
    aws-sdk (2.2.3)
      aws-sdk-resources (= 2.2.3)
    aws-sdk-core (2.2.3)
      jmespath (~> 1.0)
    aws-sdk-resources (2.2.3)
      aws-sdk-core (= 2.2.3)
    backports (3.6.7)
    coderay (1.1.0)
    elasticsearch (1.0.15)
      elasticsearch-api (= 1.0.15)
      elasticsearch-transport (= 1.0.15)
    elasticsearch-api (1.0.15)
      multi_json
    elasticsearch-transport (1.0.15)
      faraday
      multi_json
    faraday (0.9.2)
      multipart-post (>= 1.2, < 3)
    faraday_middleware-aws-signers-v4 (0.1.5)
      aws-sdk (~> 2.1)
      faraday (~> 0.9)
    ffi (1.9.10)
    foreman (0.78.0)
      thor (~> 0.19.1)
    geocoder (1.2.14)
    httpclient (2.7.0.1)
    jmespath (1.1.3)
    listen (3.0.4)
      rb-fsevent (>= 0.9.3)
      rb-inotify (>= 0.9)
    maxminddb (0.1.8)
    method_source (0.8.2)
    multi_json (1.11.2)
    multipart-post (2.0.0)
    poseidon (0.0.5)
    poseidon_cluster (0.3.3)
      poseidon (>= 0.0.5, < 0.1.0)
      zk
    pry (0.10.3)
      coderay (~> 1.1.0)
      method_source (~> 0.8.1)
      slop (~> 3.4)
    puma (2.15.3)
    pusher (0.15.2)
      httpclient (~> 2.5)
      multi_json (~> 1.0)
      pusher-signature (~> 0.1.8)
    pusher-signature (0.1.8)
    rack (1.6.4)
    rack-protection (1.5.3)
      rack
    rack-test (0.6.3)
      rack (>= 1.0)
    rb-fsevent (0.9.6)
    rb-inotify (0.9.5)
      ffi (>= 0.5.0)
    rerun (0.11.0)
      listen (~> 3.0)
    sinatra (1.4.6)
      rack (~> 1.4)
      rack-protection (~> 1.4)
      tilt (>= 1.3, < 3)
    sinatra-contrib (1.4.6)
      backports (>= 2.0)
      multi_json
      rack-protection
      rack-test
      sinatra (~> 1.4.0)
      tilt (>= 1.3, < 3)
    slop (3.6.0)
    thor (0.19.1)
    tilt (2.0.1)
    zk (1.9.6)
      zookeeper (~> 1.4.0)
    zookeeper (1.4.11)

PLATFORMS
  ruby

DEPENDENCIES
  awesome_print
  elasticsearch
  faraday_middleware-aws-signers-v4
  foreman
  geocoder
  maxminddb
  poseidon
  poseidon_cluster
  pry
  puma
  pusher
  rerun
  sinatra
  sinatra-contrib
  sinatra-cross_origin!

BUNDLED WITH
   1.10.6
