GEM
  remote: https://rubygems.org/
  specs:
    activesupport (5.2.1)
      concurrent-ruby (~> 1.0, >= 1.0.2)
      i18n (>= 0.7, < 2)
      minitest (~> 5.1)
      tzinfo (~> 1.1)
    awesome_print (1.8.0)
    aws-kclrb (1.0.0)
      multi_json (~> 1.0)
    aws-sdk-core (2.11.141)
      aws-sigv4 (~> 1.0)
      jmespath (~> 1.0)
    aws-sdk-resources (2.11.141)
      aws-sdk-core (= 2.11.141)
    aws-sigv4 (1.0.3)
    backports (3.11.4)
    binding_of_caller (0.7.2)
      debug_inspector (>= 0.0.1)
    byebug (10.0.2)
    coderay (1.1.2)
    concurrent-ruby (1.0.5)
    debug_inspector (0.0.2)
    elasticsearch (1.1.2)
      elasticsearch-api (= 1.1.2)
      elasticsearch-transport (= 1.1.2)
    elasticsearch-api (1.1.2)
      multi_json
    elasticsearch-transport (1.1.2)
      faraday
      multi_json
    faraday (0.15.3)
      multipart-post (>= 1.2, < 3)
    faraday_middleware-aws-signers-v4 (0.1.9)
      aws-sdk-resources (>= 2, < 3)
      faraday (~> 0.9)
    ffi (1.9.25)
    foreman (0.85.0)
      thor (~> 0.19.1)
    geocoder (1.5.0)
    httpclient (2.8.3)
    i18n (1.1.0)
      concurrent-ruby (~> 1.0)
    interception (0.5)
    jmespath (1.4.0)
    listen (3.1.5)
      rb-fsevent (~> 0.9, >= 0.9.4)
      rb-inotify (~> 0.9, >= 0.9.7)
      ruby_dep (~> 1.2)
    maxminddb (0.1.22)
    method_source (0.9.0)
    minitest (5.11.3)
    multi_json (1.13.1)
    multipart-post (2.0.0)
    mustermann (1.0.3)
    pry (0.11.3)
      coderay (~> 1.1.0)
      method_source (~> 0.9.0)
    pry-byebug (3.6.0)
      byebug (~> 10.0)
      pry (~> 0.10)
    pry-rescue (1.4.5)
      interception (>= 0.5)
      pry
    pry-stack_explorer (0.4.9.2)
      binding_of_caller (>= 0.7)
      pry (>= 0.9.11)
    puma (3.12.0)
    pusher (1.3.1)
      httpclient (~> 2.7)
      multi_json (~> 1.0)
      pusher-signature (~> 0.1.8)
    pusher-signature (0.1.8)
    rack (2.0.5)
    rack-protection (2.0.4)
      rack
    rake (12.3.1)
    rb-fsevent (0.10.3)
    rb-inotify (0.9.10)
      ffi (>= 0.5.0, < 2)
    rerun (0.13.0)
      listen (~> 3.0)
    rollbar (2.18.0)
      multi_json
    ruby_dep (1.5.0)
    sinatra (2.0.4)
      mustermann (~> 1.0)
      rack (~> 2.0)
      rack-protection (= 2.0.4)
      tilt (~> 2.0)
    sinatra-contrib (2.0.4)
      activesupport (>= 4.0.0)
      backports (>= 2.8.2)
      multi_json
      mustermann (~> 1.0)
      rack-protection (= 2.0.4)
      sinatra (= 2.0.4)
      tilt (>= 1.3, < 3)
    sinatra-cross_origin (0.4.0)
    thor (0.19.4)
    thread_safe (0.3.6)
    tilt (2.0.8)
    tzinfo (1.2.5)
      thread_safe (~> 0.1)

PLATFORMS
  ruby

DEPENDENCIES
  awesome_print
  aws-kclrb (= 1.0.0)
  elasticsearch (~> 1.1.2)
  faraday_middleware-aws-signers-v4
  foreman
  geocoder
  maxminddb
  minitest
  pry
  pry-byebug
  pry-rescue
  pry-stack_explorer
  puma
  pusher
  rake
  rerun
  rollbar
  sinatra
  sinatra-contrib
  sinatra-cross_origin

BUNDLED WITH
   1.14.5
